GIT
  remote: git://github.com/dmarczal/math_engine.git
  revision: 900241468e5c339d4e20265bddd76527450e271e
  specs:
    math_engine (0.3.0)
      lexr (>= 0.2.2)

GEM
  remote: http://rubygems.org/
  specs:
    actionmailer (3.2.21)
      actionpack (= 3.2.21)
      mail (~> 2.5.4)
    actionpack (3.2.21)
      activemodel (= 3.2.21)
      activesupport (= 3.2.21)
      builder (~> 3.0.0)
      erubis (~> 2.7.0)
      journey (~> 1.0.4)
      rack (~> 1.4.5)
      rack-cache (~> 1.2)
      rack-test (~> 0.6.1)
      sprockets (~> 2.2.1)
    activemodel (3.2.21)
      activesupport (= 3.2.21)
      builder (~> 3.0.0)
    activerecord (3.2.21)
      activemodel (= 3.2.21)
      activesupport (= 3.2.21)
      arel (~> 3.0.2)
      tzinfo (~> 0.3.29)
    activeresource (3.2.21)
      activemodel (= 3.2.21)
      activesupport (= 3.2.21)
    activesupport (3.2.21)
      i18n (~> 0.6, >= 0.6.4)
      multi_json (~> 1.0)
    addressable (2.3.8)
    alphabetical_paginate (2.1.0)
    annotate (2.5.0)
      rake
    arel (3.0.3)
    ast (2.0.0)
    astrolabe (1.3.0)
      parser (>= 2.2.0.pre.3, < 3.0)
    auto_html (1.6.1)
      redcarpet (~> 2.0)
      rinku (~> 1.5.0)
    autoparse (0.3.3)
      addressable (>= 2.3.1)
      extlib (>= 0.9.15)
      multi_json (>= 1.0.0)
    autoprefixer-rails (5.1.11)
      execjs
      json
    bcrypt (3.1.10)
    bcrypt (3.1.10-x86-mingw32)
    bcrypt-ruby (3.1.5)
      bcrypt (>= 3.1.3)
    bcrypt-ruby (3.1.5-x86-mingw32)
      bcrypt (>= 3.1.3)
    bootstrap-sass (3.3.4.1)
      autoprefixer-rails (>= 5.0.0.1)
      sass (>= 3.2.19)
    bootstrap-will_paginate (0.0.10)
      will_paginate
    bootstrap3-datetimepicker-rails (4.7.14)
      momentjs-rails (>= 2.8.1)
    builder (3.0.4)
    calendar_helper (0.2.6)
      open4
    cancan (1.6.10)
    capybara (1.1.4)
      mime-types (>= 1.16)
      nokogiri (>= 1.3.3)
      rack (>= 1.0.0)
      rack-test (>= 0.5.4)
      selenium-webdriver (~> 2.0)
      xpath (~> 0.1.4)
    childprocess (0.5.6)
      ffi (~> 1.0, >= 1.0.11)
    chronic_duration (0.9.6)
      numerizer (~> 0.1.1)
    client_side_validations (3.2.7)
    climate_control (0.0.3)
      activesupport (>= 3.0)
    cocaine (0.5.7)
      climate_control (>= 0.0.3, < 1.0)
    codeclimate-test-reporter (0.4.7)
      simplecov (>= 0.7.1, < 1.0.0)
    coderay (1.1.0)
    coffee-rails (3.2.2)
      coffee-script (>= 2.2.0)
      railties (~> 3.2.0)
    coffee-script (2.4.1)
      coffee-script-source
      execjs
    coffee-script-source (1.9.1.1)
    commonjs (0.2.7)
    cookies_eu (1.2.0)
      jquery-cookie-rails
      jquery-rails
    daemons (1.1.9)
    delayed_job (4.0.6)
      activesupport (>= 3.0, < 5.0)
    delayed_job_active_record (4.0.3)
      activerecord (>= 3.0, < 5.0)
      delayed_job (>= 3.0, < 4.1)
    devise (3.1.2)
      bcrypt-ruby (~> 3.0)
      orm_adapter (~> 0.1)
      railties (>= 3.2.6, < 5)
      thread_safe (~> 0.1)
      warden (~> 1.2.3)
    diff-lcs (1.1.3)
    docile (1.1.5)
    domain_name (0.5.24)
      unf (>= 0.0.5, < 1.0.0)
    el_finder (1.1.12)
      image_size (>= 1.0.0)
    erubis (2.7.0)
    eventmachine (1.0.7)
    execjs (2.0.2)
    exifr (1.1.3)
    extlib (0.9.16)
    factory_girl (4.0.0)
      activesupport (>= 3.0.0)
    factory_girl_rails (4.0.0)
      factory_girl (~> 4.0.0)
      railties (>= 3.0.0)
    faker (1.2.0)
      i18n (~> 0.5)
    faraday (0.9.1)
      multipart-post (>= 1.2, < 3)
    ffi (1.9.8)
    ffi (1.9.8-x86-mingw32)
    formatador (0.2.5)
    gli (2.13.0)
    google-api-client (0.8.6)
      activesupport (>= 3.2)
      addressable (~> 2.3)
      autoparse (~> 0.3)
      extlib (~> 0.9)
      faraday (~> 0.9)
      googleauth (~> 0.3)
      launchy (~> 2.4)
      multi_json (~> 1.10)
      retriable (~> 1.4)
      signet (~> 0.6)
    googleauth (0.4.1)
      faraday (~> 0.9)
      jwt (~> 1.4)
      logging (~> 2.0)
      memoist (~> 0.12)
      multi_json (= 1.11)
      signet (~> 0.6)
    guard (1.8.3)
      formatador (>= 0.2.4)
      listen (~> 1.3)
      lumberjack (>= 1.0.2)
      pry (>= 0.9.10)
      thor (>= 0.14.6)
    guard-rspec (2.5.4)
      guard (>= 1.1)
      rspec (~> 2.11)
    guard-spork (1.5.2)
      childprocess (>= 0.2.3)
      guard (~> 1.1)
      spork (>= 0.8.4)
    haml (4.0.6)
      tilt
    hike (1.2.3)
    http-cookie (1.0.2)
      domain_name (~> 0.5)
    i18n (0.7.0)
    image_size (1.4.1)
    journey (1.0.4)
    jquery-cookie-rails (1.3.1.1)
      railties (>= 3.2.0, < 5.0)
    jquery-rails (2.1.4)
      railties (>= 3.0, < 5.0)
      thor (>= 0.14, < 2.0)
    json (1.8.2)
    jwt (1.4.1)
    kgio (2.9.3)
    launchy (2.4.3)
      addressable (~> 2.3)
    less (2.6.0)
      commonjs (~> 0.2.7)
    less-rails (2.6.0)
      actionpack (>= 3.1)
      less (~> 2.6.0)
    lexr (0.3.1)
    libv8 (3.16.14.7)
    listen (1.3.1)
      rb-fsevent (>= 0.9.3)
      rb-inotify (>= 0.9)
      rb-kqueue (>= 0.2)
    little-plugger (1.1.3)
    localeapp (0.9.3)
      gli
      i18n
      json
      rack
      rest-client
      ya2yaml
    logging (2.0.0)
      little-plugger (~> 1.1)
      multi_json (~> 1.10)
    lumberjack (1.0.9)
    mail (2.5.4)
      mime-types (~> 1.16)
      treetop (~> 1.4.8)
    memcache-client (1.8.5)
    memoist (0.12.0)
    method_source (0.8.2)
    mime-types (1.25.1)
    mini_portile (0.6.2)
    momentjs-rails (2.10.3)
      railties (>= 3.1)
    multi_json (1.11.0)
    multipart-post (2.0.0)
    nested_form (0.3.2)
    netrc (0.10.3)
    newrelic_rpm (3.12.0.288)
    nokogiri (1.6.6.2)
      mini_portile (~> 0.6.0)
    nokogiri (1.6.6.2-x86-mingw32)
      mini_portile (~> 0.6.0)
    numerizer (0.1.1)
    open4 (1.3.4)
    orm_adapter (0.5.0)
    paper_trail (4.0.0.beta2)
      activerecord (>= 3.0, < 6.0)
      activesupport (>= 3.0, < 6.0)
    paperclip (3.5.4)
      activemodel (>= 3.0.0)
      activesupport (>= 3.0.0)
      cocaine (~> 0.5.3)
      mime-types
    parser (2.2.2.2)
      ast (>= 1.1, < 3.0)
    pg (0.17.1)
    pg (0.17.1-x86-mingw32)
    polyglot (0.3.5)
    populator (1.0.0)
    powerpack (0.1.1)
    pry (0.10.1)
      coderay (~> 1.1.0)
      method_source (~> 0.8.1)
      slop (~> 3.4)
    pry (0.10.1-x86-mingw32)
      coderay (~> 1.1.0)
      method_source (~> 0.8.1)
      slop (~> 3.4)
      win32console (~> 1.3)
    rack (1.4.5)
    rack-cache (1.2)
      rack (>= 0.4)
    rack-ssl (1.3.4)
      rack
    rack-test (0.6.3)
      rack (>= 1.0)
    rails (3.2.21)
      actionmailer (= 3.2.21)
      actionpack (= 3.2.21)
      activerecord (= 3.2.21)
      activeresource (= 3.2.21)
      activesupport (= 3.2.21)
      bundler (~> 1.0)
      railties (= 3.2.21)
    railties (3.2.21)
      actionpack (= 3.2.21)
      activesupport (= 3.2.21)
      rack-ssl (~> 1.3.2)
      rake (>= 0.8.7)
      rdoc (~> 3.4)
      thor (>= 0.14.6, < 2.0)
    rainbow (2.0.0)
    raindrops (0.13.0)
    rake (10.1.1)
    rakismet (1.4.0)
    rb-fsevent (0.9.4)
    rb-inotify (0.9.5)
      ffi (>= 0.5.0)
    rb-kqueue (0.2.4)
      ffi (>= 0.5.0)
    rdoc (3.12.2)
      json (~> 1.4)
    redcarpet (2.3.0)
    ref (1.0.5)
    rest-client (1.8.0)
      http-cookie (>= 1.0.2, < 2.0)
      mime-types (>= 1.16, < 3.0)
      netrc (~> 0.7)
    rest-client (1.8.0-x86-mingw32)
      ffi (~> 1.9)
      http-cookie (>= 1.0.2, < 2.0)
      mime-types (>= 1.16, < 3.0)
      netrc (~> 0.7)
    retriable (1.4.1)
    rinku (1.5.1)
    rspec (2.11.0)
      rspec-core (~> 2.11.0)
      rspec-expectations (~> 2.11.0)
      rspec-mocks (~> 2.11.0)
    rspec-core (2.11.1)
    rspec-expectations (2.11.3)
      diff-lcs (~> 1.1.3)
    rspec-mocks (2.11.3)
    rspec-rails (2.11.4)
      actionpack (>= 3.0)
      activesupport (>= 3.0)
      railties (>= 3.0)
      rspec (~> 2.11.0)
    rubocop (0.31.0)
      astrolabe (~> 1.3)
      parser (>= 2.2.2.1, < 3.0)
      powerpack (~> 0.1)
      rainbow (>= 1.99.1, < 3.0)
      ruby-progressbar (~> 1.4)
    ruby-progressbar (1.7.5)
    rubyzip (1.1.7)
    sass (3.4.13)
    sass-rails (3.2.6)
      railties (~> 3.2.0)
      sass (>= 3.1.10)
      tilt (~> 1.3)
    selectize-rails (0.8.5)
    selenium-webdriver (2.45.0)
      childprocess (~> 0.5)
      multi_json (~> 1.0)
      rubyzip (~> 1.0)
      websocket (~> 1.0)
    signet (0.6.0)
      addressable (~> 2.3)
      extlib (~> 0.9)
      faraday (~> 0.9)
      jwt (~> 1.0)
      multi_json (~> 1.10)
    simplecov (0.10.0)
      docile (~> 1.1.0)
      json (~> 1.8)
      simplecov-html (~> 0.10.0)
    simplecov-html (0.10.0)
    slop (3.6.0)
    spork (1.0.0rc4)
    spork (1.0.0rc4-x86-mingw32)
      win32-process
    sprockets (2.2.3)
      hike (~> 1.2)
      multi_json (~> 1.0)
      rack (~> 1.0)
      tilt (~> 1.1, != 1.3.0)
    sqlite3 (1.3.10)
    sqlite3 (1.3.10-x86-mingw32)
    therubyracer (0.12.2)
      libv8 (~> 3.16.14.0)
      ref
    thin (1.6.3)
      daemons (~> 1.0, >= 1.0.9)
      eventmachine (~> 1.0)
      rack (~> 1.0)
    thor (0.19.1)
    thread_safe (0.3.5)
    tilt (1.4.1)
    treetop (1.4.15)
      polyglot
      polyglot (>= 0.3.1)
    twitter-typeahead-rails (0.10.5)
      actionpack (>= 3.1)
      jquery-rails
      railties (>= 3.1)
    tzinfo (0.3.44)
    uglifier (2.7.1)
      execjs (>= 0.3.0)
      json (>= 1.8.0)
    unf (0.1.4)
      unf_ext
    unf_ext (0.0.7.1)
    unf_ext (0.0.7.1-x86-mingw32)
    unicorn (4.6.3)
      kgio (~> 2.6)
      rack
      raindrops (~> 0.7)
    warden (1.2.3)
      rack (>= 1.0)
    websocket (1.2.2)
    wicked_pdf (0.9.10)
      rails
    will_paginate (3.0.7)
    win32-process (0.8.0)
      ffi (>= 1.0.0)
    win32console (1.3.2-x86-mingw32)
    xpath (0.1.4)
      nokogiri (~> 1.3)
    ya2yaml (0.31)

PLATFORMS
  ruby
  x86-mingw32

DEPENDENCIES
  alphabetical_paginate (~> 2.1.0)
  annotate (~> 2.5.0)
  auto_html (~> 1.6.0)
  bootstrap-sass (~> 3.3.3)
  bootstrap-will_paginate (~> 0.0.6)
  bootstrap3-datetimepicker-rails (~> 4.7.14)
  calendar_helper (~> 0.2.6)
  cancan (~> 1.6.10)
  capybara (~> 1.1)
  chronic_duration (~> 0.9.6)
  client_side_validations (~> 3.2.0.beta.6)
  codeclimate-test-reporter
  coffee-rails (~> 3.2.2)
  cookies_eu
  daemons (~> 1.1.9)
  delayed_job (~> 4.0.0)
  delayed_job_active_record (~> 4.0.0)
  devise (~> 3.1.0)
  el_finder (~> 1.1.10)
  execjs (~> 2.0.2)
  exifr (~> 1.1.3)
  factory_girl_rails (~> 4.0.0)
  faker (~> 1.2.0)
  google-api-client (~> 0.8.6)
  guard (~> 1.8.3)
  guard-rspec (~> 2.5.4)
  guard-spork (~> 1.5.1)
  haml (~> 4.0.5)
  jquery-rails (~> 2.1.0)
  less-rails
  localeapp
  math_engine (~> 0.3.0)!
  memcache-client (~> 1.8.5)
  momentjs-rails (>= 2.9.0)
  nested_form (~> 0.3.2)
  newrelic_rpm
  paper_trail (~> 4.0.0.beta)
  paperclip (~> 3.2)
  pg (~> 0.17.0)
  populator (~> 1.0.0)
  rails (~> 3.2.8)
  rake (~> 10.1.0)
  rakismet (~> 1.4.0)
  rb-fsevent (~> 0.9.1)
  redcarpet (~> 2.3.0)
  rspec-rails (~> 2.11.0)
  rubocop
  sass-rails (>= 3.2)
  selectize-rails (~> 0.8.5)
  spork (~> 1.0.0.rc3)
  sqlite3 (~> 1.3.8)
  therubyracer
  thin
  twitter-typeahead-rails (~> 0.10.2)
  uglifier (>= 1.2.7)
  unicorn (~> 4.6.3)
  wicked_pdf (~> 0.9.7)
  will_paginate (~> 3.0.3)
